GEM
  remote: https://rubygems.org/
  specs:
    cool.io (1.5.3)
    fluentd (0.14.25)
      cool.io (>= 1.4.5, < 2.0.0)
      http_parser.rb (>= 0.5.1, < 0.7.0)
      msgpack (>= 0.7.0, < 2.0.0)
      ruby_dig (~> 0.0.2)
      serverengine (>= 2.0.4, < 3.0.0)
      sigdump (~> 0.2.2)
      strptime (~> 0.1.7)
      tzinfo (~> 1.0)
      tzinfo-data (~> 1.0)
      yajl-ruby (~> 1.0)
    fluentd_regexp_tester (0.1.4)
      fluentd (~> 0.14)
      thor (~> 0.18)
    http_parser.rb (0.6.0)
    msgpack (1.2.4)
    ruby_dig (0.0.2)
    serverengine (2.0.7)
      sigdump (~> 0.2.2)
    sigdump (0.2.4)
    strptime (0.1.9)
    thor (0.20.0)
    thread_safe (0.3.6)
    tzinfo (1.2.5)
      thread_safe (~> 0.1)
    tzinfo-data (1.2018.5)
      tzinfo (>= 1.0.0)
    yajl-ruby (1.4.1)

PLATFORMS
  ruby

DEPENDENCIES
  fluentd_regexp_tester (~> 0.1.4)

BUNDLED WITH
   1.16.1
