GEM
  remote: https://rubygems.org/
  specs:
    cool.io (1.5.3)
    fluent-plugin-concat (2.2.0)
      fluentd (>= 0.14.0)
    fluent-plugin-detect-exceptions (0.0.9)
      fluentd (>= 0.10)
    fluent-plugin-named_pipe (0.2.0)
      fluentd (>= 0.10.58)
      mkfifo
    fluent-plugin-prometheus (1.0.1)
      fluentd (>= 0.14.8, < 2)
      prometheus-client
    fluent-plugin-rewrite-tag-filter (2.0.2)
      fluentd (>= 0.14.2, < 2)
    fluentd (0.14.25)
      cool.io (>= 1.4.5, < 2.0.0)
      http_parser.rb (>= 0.5.1, < 0.7.0)
      msgpack (>= 0.7.0, < 2.0.0)
      ruby_dig (~> 0.0.2)
      serverengine (>= 2.0.4, < 3.0.0)
      sigdump (~> 0.2.2)
      strptime (~> 0.1.7)
      tzinfo (~> 1.0)
      tzinfo-data (~> 1.0)
      yajl-ruby (~> 1.0)
    http_parser.rb (0.6.0)
    mkfifo (0.1.1)
    msgpack (1.2.4)
    prometheus-client (0.7.1)
      quantile (~> 0.2.0)
    quantile (0.2.0)
    ruby_dig (0.0.2)
    serverengine (2.0.6)
      sigdump (~> 0.2.2)
    sigdump (0.2.4)
    strptime (0.1.9)
    thread_safe (0.3.6)
    tzinfo (1.2.5)
      thread_safe (~> 0.1)
    tzinfo-data (1.2018.3)
      tzinfo (>= 1.0.0)
    yajl-ruby (1.3.1)

PLATFORMS
  ruby

DEPENDENCIES
  fluent-plugin-concat
  fluent-plugin-detect-exceptions
  fluent-plugin-named_pipe
  fluent-plugin-prometheus
  fluent-plugin-rewrite-tag-filter
  fluentd (~> 0.14)

BUNDLED WITH
   1.14.6
